PATH
  remote: .
  specs:
    basketball_score_scraper (0.1.0)
      nokogiri (~> 1.10)

GEM
  remote: https://rubygems.org/
  specs:
    mini_portile2 (2.4.0)
    nokogiri (1.10.3)
      mini_portile2 (~> 2.4.0)
    rake (13.0.1)

PLATFORMS
  ruby

DEPENDENCIES
  basketball_score_scraper!
  bundler (~> 2.0)
  rake (~> 13.0)

BUNDLED WITH
   2.0.1
